GEM
  remote: https://rubygems.org/
  specs:
    dotenv (2.2.0)
    json (2.1.0)
    mini_portile2 (2.1.0)
    nokogiri (1.7.1)
      mini_portile2 (~> 2.1.0)
    ruby_http_client (3.0.1)
    sendgrid-ruby (4.0.8)
      ruby_http_client (~> 3.0.1)

PLATFORMS
  ruby

DEPENDENCIES
  dotenv
  json
  nokogiri
  sendgrid-ruby

BUNDLED WITH
   1.14.6
